PATH
  remote: .
  specs:
    ar-enums (1.0.0)
      activerecord (>= 3.1.0)
      rake

GEM
  remote: http://rubygems.org/
  specs:
    activemodel (3.1.1)
      activesupport (= 3.1.1)
      builder (~> 3.0.0)
      i18n (~> 0.6)
    activerecord (3.1.1)
      activemodel (= 3.1.1)
      activesupport (= 3.1.1)
      arel (~> 2.2.1)
      tzinfo (~> 0.3.29)
    activesupport (3.1.1)
      multi_json (~> 1.0)
    arel (2.2.1)
    builder (3.0.0)
    diff-lcs (1.1.2)
    guard (1.4.0)
      listen (>= 0.4.2)
      thor (>= 0.14.6)
    guard-rspec (0.4.5)
      guard (>= 0.4.0)
    i18n (0.6.0)
    listen (0.5.3)
    multi_json (1.0.3)
    rake (0.9.2.2)
    rb-fsevent (0.9.3)
    rspec (2.4.0)
      rspec-core (~> 2.4.0)
      rspec-expectations (~> 2.4.0)
      rspec-mocks (~> 2.4.0)
    rspec-core (2.4.0)
    rspec-expectations (2.4.0)
      diff-lcs (~> 1.1.2)
    rspec-mocks (2.4.0)
    sqlite3 (1.3.4)
    thor (0.19.1)
    tzinfo (0.3.31)

PLATFORMS
  ruby

DEPENDENCIES
  ar-enums!
  guard-rspec
  rb-fsevent
  rspec
  sqlite3 (>= 1.3.4)
